GIT
  remote: https://github.com/chrisanthropic/starving-artist-jekyll-theme.git
  revision: 440182b1363f1505564f9d756fc9fa3eb1126166
  specs:
    starving-artist-jekyll-theme (0.2.7)

GEM
  remote: https://rubygems.org/
  specs:
    addressable (2.8.7)
      public_suffix (>= 2.0.2, < 7.0)
    aws-eventstream (1.3.0)
    aws-sdk (2.11.632)
      aws-sdk-resources (= 2.11.632)
    aws-sdk-core (2.11.632)
      aws-sigv4 (~> 1.0)
      jmespath (~> 1.0)
    aws-sdk-resources (2.11.632)
      aws-sdk-core (= 2.11.632)
    aws-sigv4 (1.10.0)
      aws-eventstream (~> 1, >= 1.0.2)
    bigdecimal (3.1.8)
    colorator (1.1.0)
    colored (1.2)
    concurrent-ruby (1.3.4)
    configure-s3-website (2.3.0)
      aws-sdk (~> 2)
      deep_merge (~> 1.0.0)
    deep_merge (1.0.1)
    dotenv (1.0.2)
    em-websocket (0.5.3)
      eventmachine (>= 0.12.9)
      http_parser.rb (~> 0)
    eventmachine (1.2.7)
    exifr (1.4.0)
    ffi (1.17.0)
    ffi (1.17.0-aarch64-linux-gnu)
    ffi (1.17.0-aarch64-linux-musl)
    ffi (1.17.0-arm-linux-gnu)
    ffi (1.17.0-arm-linux-musl)
    ffi (1.17.0-arm64-darwin)
    ffi (1.17.0-x86-linux-gnu)
    ffi (1.17.0-x86-linux-musl)
    ffi (1.17.0-x86_64-darwin)
    ffi (1.17.0-x86_64-linux-gnu)
    ffi (1.17.0-x86_64-linux-musl)
    forwardable-extended (2.6.0)
    fspath (3.1.2)
    google-protobuf (4.28.2)
      bigdecimal
      rake (>= 13)
    google-protobuf (4.28.2-aarch64-linux)
      bigdecimal
      rake (>= 13)
    google-protobuf (4.28.2-arm64-darwin)
      bigdecimal
      rake (>= 13)
    google-protobuf (4.28.2-x86-linux)
      bigdecimal
      rake (>= 13)
    google-protobuf (4.28.2-x86_64-darwin)
      bigdecimal
      rake (>= 13)
    google-protobuf (4.28.2-x86_64-linux)
      bigdecimal
      rake (>= 13)
    http_parser.rb (0.8.0)
    i18n (1.14.6)
      concurrent-ruby (~> 1.0)
    image_optim (0.31.3)
      exifr (~> 1.2, >= 1.2.2)
      fspath (~> 3.0)
      image_size (>= 1.5, < 4)
      in_threads (~> 1.3)
      progress (~> 3.0, >= 3.0.1)
    image_optim_pack (0.11.1.20240914)
      fspath (>= 2.1, < 4)
      image_optim (~> 0.19)
    image_optim_pack (0.11.1.20240914-x86_64-darwin)
      fspath (>= 2.1, < 4)
      image_optim (~> 0.19)
    image_optim_pack (0.11.1.20240914-x86_64-linux)
      fspath (>= 2.1, < 4)
      image_optim (~> 0.19)
    image_size (3.4.0)
    in_threads (1.6.0)
    jekyll (4.3.4)
      addressable (~> 2.4)
      colorator (~> 1.0)
      em-websocket (~> 0.5)
      i18n (~> 1.0)
      jekyll-sass-converter (>= 2.0, < 4.0)
      jekyll-watch (~> 2.0)
      kramdown (~> 2.3, >= 2.3.1)
      kramdown-parser-gfm (~> 1.0)
      liquid (~> 4.0)
      mercenary (>= 0.3.6, < 0.5)
      pathutil (~> 0.9)
      rouge (>= 3.0, < 5.0)
      safe_yaml (~> 1.0)
      terminal-table (>= 1.8, < 4.0)
      webrick (~> 1.7)
    jekyll-feed (0.17.0)
      jekyll (>= 3.7, < 5.0)
    jekyll-sass-converter (3.0.0)
      sass-embedded (~> 1.54)
    jekyll-watch (2.2.1)
      listen (~> 3.0)
    jmespath (1.6.2)
    kramdown (2.4.0)
      rexml
    kramdown-parser-gfm (1.1.0)
      kramdown (~> 2.0)
    liquid (4.0.4)
    listen (3.9.0)
      rb-fsevent (~> 0.10, >= 0.10.3)
      rb-inotify (~> 0.9, >= 0.9.10)
    mercenary (0.4.0)
    mini_magick (5.0.1)
    pathutil (0.16.2)
      forwardable-extended (~> 2.6)
    progress (3.6.0)
    public_suffix (6.0.1)
    rake (13.2.1)
    rb-fsevent (0.11.2)
    rb-inotify (0.11.1)
      ffi (~> 1.0)
    rexml (3.3.7)
    rouge (4.4.0)
    s3_website (3.4.0)
      colored (= 1.2)
      configure-s3-website (= 2.3.0)
      dotenv (~> 1.0)
      thor (~> 0.18)
    safe_yaml (1.0.5)
    sass (3.7.4)
      sass-listen (~> 4.0.0)
    sass-embedded (1.79.3)
      google-protobuf (~> 4.27)
      rake (>= 13)
    sass-embedded (1.79.3-aarch64-linux-android)
      google-protobuf (~> 4.27)
    sass-embedded (1.79.3-aarch64-linux-gnu)
      google-protobuf (~> 4.27)
    sass-embedded (1.79.3-aarch64-linux-musl)
      google-protobuf (~> 4.27)
    sass-embedded (1.79.3-aarch64-mingw-ucrt)
      google-protobuf (~> 4.27)
    sass-embedded (1.79.3-arm-linux-androideabi)
      google-protobuf (~> 4.27)
    sass-embedded (1.79.3-arm-linux-gnueabihf)
      google-protobuf (~> 4.27)
    sass-embedded (1.79.3-arm-linux-musleabihf)
      google-protobuf (~> 4.27)
    sass-embedded (1.79.3-arm64-darwin)
      google-protobuf (~> 4.27)
    sass-embedded (1.79.3-riscv64-linux-android)
      google-protobuf (~> 4.27)
    sass-embedded (1.79.3-riscv64-linux-gnu)
      google-protobuf (~> 4.27)
    sass-embedded (1.79.3-riscv64-linux-musl)
      google-protobuf (~> 4.27)
    sass-embedded (1.79.3-x86-cygwin)
      google-protobuf (~> 4.27)
    sass-embedded (1.79.3-x86-linux-android)
      google-protobuf (~> 4.27)
    sass-embedded (1.79.3-x86-linux-gnu)
      google-protobuf (~> 4.27)
    sass-embedded (1.79.3-x86-linux-musl)
      google-protobuf (~> 4.27)
    sass-embedded (1.79.3-x86-mingw-ucrt)
      google-protobuf (~> 4.27)
    sass-embedded (1.79.3-x86_64-cygwin)
      google-protobuf (~> 4.27)
    sass-embedded (1.79.3-x86_64-darwin)
      google-protobuf (~> 4.27)
    sass-embedded (1.79.3-x86_64-linux-android)
      google-protobuf (~> 4.27)
    sass-embedded (1.79.3-x86_64-linux-gnu)
      google-protobuf (~> 4.27)
    sass-embedded (1.79.3-x86_64-linux-musl)
      google-protobuf (~> 4.27)
    sass-listen (4.0.0)
      rb-fsevent (~> 0.9, >= 0.9.4)
      rb-inotify (~> 0.9, >= 0.9.7)
    terminal-table (3.0.2)
      unicode-display_width (>= 1.1.1, < 3)
    thor (0.20.3)
    unicode-display_width (2.6.0)
    webrick (1.8.1)

PLATFORMS
  aarch64-linux
  aarch64-linux-android
  aarch64-linux-gnu
  aarch64-linux-musl
  aarch64-mingw-ucrt
  arm-linux-androideabi
  arm-linux-gnu
  arm-linux-gnueabihf
  arm-linux-musl
  arm-linux-musleabihf
  arm64-darwin
  riscv64-linux-android
  riscv64-linux-gnu
  riscv64-linux-musl
  ruby
  x86-cygwin
  x86-linux
  x86-linux-android
  x86-linux-gnu
  x86-linux-musl
  x86-mingw-ucrt
  x86_64-cygwin
  x86_64-darwin
  x86_64-linux
  x86_64-linux-android
  x86_64-linux-gnu
  x86_64-linux-musl

DEPENDENCIES
  image_optim
  image_optim_pack
  jekyll
  jekyll-feed
  mini_magick
  rake
  s3_website
  sass
  starving-artist-jekyll-theme!

BUNDLED WITH
   2.5.19
